GEM
  remote: http://rubygems.org/
  specs:
    addressable (2.2.4)
    faraday (0.5.7)
      addressable (~> 2.2.4)
      multipart-post (~> 1.1.0)
      rack (>= 1.1.0, < 2)
    faraday_middleware (0.3.2)
      faraday (~> 0.5.4)
    fastercsv (1.5.4)
    hashie (1.0.0)
    multi_json (0.0.5)
    multi_xml (0.2.2)
    multipart-post (1.1.0)
    octokit (0.6.0)
      addressable (~> 2.2.4)
      faraday (~> 0.5.4)
      faraday_middleware (~> 0.3.2)
      hashie (~> 1.0.0)
      multi_json (~> 0.0.5)
      multi_xml (~> 0.2.0)
    rack (1.2.2)

PLATFORMS
  ruby

DEPENDENCIES
  fastercsv
  multi_json
  octokit
